GIT
  remote: https://github.com/netguru/capistrano-docker
  revision: 873aa5fdce66c6962dad555a914d31d4fdc77f5c
  specs:
    capistrano-docker (0.2.11)
      capistrano (>= 3.3)

GEM
  remote: https://rubygems.org/
  specs:
    airbrussh (1.4.0)
      sshkit (>= 1.6.1, != 1.7.0)
    capistrano (3.15.0)
      airbrussh (>= 1.0.0)
      i18n
      rake (>= 10.0.0)
      sshkit (>= 1.9.0)
    capistrano-yarn (2.0.2)
      capistrano (~> 3.0)
    concurrent-ruby (1.1.8)
    i18n (1.8.9)
      concurrent-ruby (~> 1.0)
    net-scp (3.0.0)
      net-ssh (>= 2.6.5, < 7.0.0)
    net-ssh (6.1.0)
    rake (13.0.3)
    sshkit (1.21.2)
      net-scp (>= 1.1.2)
      net-ssh (>= 2.8.0)

PLATFORMS
  x86_64-darwin-19

DEPENDENCIES
  capistrano
  capistrano-docker!
  capistrano-yarn

BUNDLED WITH
   2.2.11
